PATH
  remote: .
  specs:
    polishgeeks-dev-tools (1.4.0)
      brakeman
      bundler-audit
      haml_lint
      rspec
      rubocop
      rubocop-rspec
      rubycritic
      simplecov
      timecop
      yard

GEM
  remote: https://rubygems.org/
  specs:
    addressable (2.6.0)
      public_suffix (>= 2.0.2, < 4.0)
    ast (2.4.0)
    axiom-types (0.1.1)
      descendants_tracker (~> 0.0.4)
      ice_nine (~> 0.11.0)
      thread_safe (~> 0.3, >= 0.3.1)
    brakeman (4.5.1)
    bundler-audit (0.6.1)
      bundler (>= 1.2.0, < 3)
      thor (~> 0.18)
    byebug (11.0.1)
    codeclimate-engine-rb (0.4.1)
      virtus (~> 1.0)
    coercible (1.0.0)
      descendants_tracker (~> 0.0.1)
    descendants_tracker (0.0.4)
      thread_safe (~> 0.3, >= 0.3.1)
    diff-lcs (1.3)
    docile (1.3.1)
    equalizer (0.0.11)
    erubis (2.7.0)
    flay (2.12.0)
      erubis (~> 2.7.0)
      path_expander (~> 1.0)
      ruby_parser (~> 3.0)
      sexp_processor (~> 4.0)
    flog (4.6.2)
      path_expander (~> 1.0)
      ruby_parser (~> 3.1, > 3.1.0)
      sexp_processor (~> 4.8)
    haml (5.0.4)
      temple (>= 0.8.0)
      tilt
    haml_lint (0.28.0)
      haml (>= 4.0, < 5.1)
      rainbow
      rake (>= 10, < 13)
      rubocop (>= 0.50.0)
      sysexits (~> 1.1)
    ice_nine (0.11.2)
    jaro_winkler (1.5.2)
    json (2.2.0)
    kwalify (0.7.2)
    launchy (2.4.3)
      addressable (~> 2.3)
    parallel (1.17.0)
    parser (2.6.3.0)
      ast (~> 2.4.0)
    path_expander (1.0.3)
    psych (3.1.0)
    public_suffix (3.0.3)
    rainbow (3.0.0)
    rake (12.3.2)
    reek (5.3.2)
      codeclimate-engine-rb (~> 0.4.0)
      kwalify (~> 0.7.0)
      parser (>= 2.5.0.0, < 2.7, != 2.5.1.1)
      psych (~> 3.1.0)
      rainbow (>= 2.0, < 4.0)
    rspec (3.8.0)
      rspec-core (~> 3.8.0)
      rspec-expectations (~> 3.8.0)
      rspec-mocks (~> 3.8.0)
    rspec-core (3.8.0)
      rspec-support (~> 3.8.0)
    rspec-expectations (3.8.3)
      diff-lcs (>= 1.2.0, < 2.0)
      rspec-support (~> 3.8.0)
    rspec-mocks (3.8.0)
      diff-lcs (>= 1.2.0, < 2.0)
      rspec-support (~> 3.8.0)
    rspec-support (3.8.0)
    rubocop (0.70.0)
      jaro_winkler (~> 1.5.1)
      parallel (~> 1.10)
      parser (>= 2.6)
      rainbow (>= 2.2.2, < 4.0)
      ruby-progressbar (~> 1.7)
      unicode-display_width (>= 1.4.0, < 1.7)
    rubocop-rspec (1.33.0)
      rubocop (>= 0.60.0)
    ruby-progressbar (1.10.0)
    ruby_parser (3.13.1)
      sexp_processor (~> 4.9)
    rubycritic (4.0.2)
      flay (~> 2.8)
      flog (~> 4.4)
      launchy (= 2.4.3)
      parser (~> 2.6.0)
      rainbow (~> 3.0)
      reek (~> 5.3.0)
      ruby_parser (~> 3.8)
      tty-which (~> 0.4.0)
      virtus (~> 1.0)
    sexp_processor (4.12.0)
    simplecov (0.16.1)
      docile (~> 1.1)
      json (>= 1.8, < 3)
      simplecov-html (~> 0.10.0)
    simplecov-html (0.10.2)
    sysexits (1.2.0)
    temple (0.8.1)
    thor (0.20.3)
    thread_safe (0.3.6)
    tilt (2.0.9)
    timecop (0.9.1)
    tty-which (0.4.0)
    unicode-display_width (1.6.0)
    virtus (1.0.5)
      axiom-types (~> 0.1)
      coercible (~> 1.0)
      descendants_tracker (~> 0.0, >= 0.0.3)
      equalizer (~> 0.0, >= 0.0.9)
    yard (0.9.19)

PLATFORMS
  ruby

DEPENDENCIES
  bundler
  byebug
  polishgeeks-dev-tools!
  rake

BUNDLED WITH
   1.16.1
